GEM
  remote: https://rubygems.org/
  specs:
    metaclass (0.0.4)
    minitest (5.8.4)
    mocha (1.1.0)
      metaclass (~> 0.0.1)
    rake (11.1.2)

PLATFORMS
  ruby

DEPENDENCIES
  minitest
  mocha
  rake
